PATH
  remote: .
  specs:
    rulers_kwick6 (0.0.7)
      erubis
      multi_json
      rack
      sqlite3

GEM
  remote: https://rubygems.org/
  specs:
    erubis (2.7.0)
    multi_json (1.8.2)
    rack (1.5.2)
    rack-test (0.6.2)
      rack (>= 1.0)
    rake (10.1.0)
    sqlite3 (1.3.8)

PLATFORMS
  ruby

DEPENDENCIES
  bundler (~> 1.3)
  rack-test
  rake
  rulers_kwick6!
